PATH
  remote: .
  specs:
    rus3 (0.2.1)
      rbscmlex (>= 0.1.3)
      rubasteme (>= 0.1.3)

GEM
  remote: https://rubygems.org/
  specs:
    minitest (5.14.4)
    rake (13.0.3)
    rbscmlex (0.1.3)
    rubasteme (0.1.3)
      rbscmlex (>= 0.1.3)

PLATFORMS
  x86_64-darwin-20

DEPENDENCIES
  minitest (~> 5.0)
  rake (~> 13.0)
  rus3!

BUNDLED WITH
   2.2.15
